NRRD0004
# Complete NRRD file format specification at:
# http://teem.sourceforge.net/nrrd/format.html
type: long long int
dimension: 3
space: left-posterior-superior
sizes: 48 64 48
space directions: (1,0,0) (0,1,0) (0,0,1)
kinds: domain domain domain
endian: little
encoding: raw
space origin: (0,0,0)
data file: 111312_shrinktensor_filt_mask.raw
